GEM
  remote: http://rubygems.org/
  specs:
    diff-lcs (1.1.2)
    polyglot (0.3.1)
    rake (0.8.7)
    rspec (2.1.0)
      rspec-core (~> 2.1.0)
      rspec-expectations (~> 2.1.0)
      rspec-mocks (~> 2.1.0)
    rspec-core (2.1.0)
    rspec-expectations (2.1.0)
      diff-lcs (~> 1.1.2)
    rspec-mocks (2.1.0)
    simplecov (0.3.7)
      simplecov-html (>= 0.3.7)
    simplecov-html (0.3.9)
    sqlite3-ruby (1.3.2)
    treetop (1.4.9)
      polyglot (>= 0.3.1)

PLATFORMS
  ruby

DEPENDENCIES
  rake (>= 0.8.7)
  rspec (>= 2.1.0)
  simplecov (>= 0.3.7)
  sqlite3-ruby (>= 1.3.2)
  treetop (>= 1.4.9)

METADATA
  version: 1.0.6
