GIT
  remote: git://github.com/tianyicui/simplecov.git
  revision: ec6b1191454a6bc04c0232144f68fac259c9d33c
  specs:
    simplecov (0.3.6)
      simplecov-html (>= 0.3.7)

GEM
  remote: http://rubygems.org/
  specs:
    diff-lcs (1.1.2)
    polyglot (0.3.1)
    rake (0.8.7)
    rspec (2.0.1)
      rspec-core (~> 2.0.1)
      rspec-expectations (~> 2.0.1)
      rspec-mocks (~> 2.0.1)
    rspec-core (2.0.1)
    rspec-expectations (2.0.1)
      diff-lcs (>= 1.1.2)
    rspec-mocks (2.0.1)
      rspec-core (~> 2.0.1)
      rspec-expectations (~> 2.0.1)
    simplecov-html (0.3.8)
    sqlite3-ruby (1.3.1)
    treetop (1.4.8)
      polyglot (>= 0.3.1)

PLATFORMS
  ruby

DEPENDENCIES
  rake (>= 0.8.7)
  rspec (>= 2.0.1)
  simplecov!
  sqlite3-ruby (>= 1.3.1)
  treetop (>= 1.4.8)
