GEM
  remote: http://rubygems.org/
  specs:
    diff-lcs (1.1.2)
    polyglot (0.3.1)
    rake (0.8.7)
    rcov (0.9.9)
    rspec (2.0.1)
      rspec-core (~> 2.0.1)
      rspec-expectations (~> 2.0.1)
      rspec-mocks (~> 2.0.1)
    rspec-core (2.0.1)
    rspec-expectations (2.0.1)
      diff-lcs (>= 1.1.2)
    rspec-mocks (2.0.1)
      rspec-core (~> 2.0.1)
      rspec-expectations (~> 2.0.1)
    sqlite3-ruby (1.3.1)
    treetop (1.4.8)
      polyglot (>= 0.3.1)

PLATFORMS
  ruby

DEPENDENCIES
  rake (>= 0.8.7)
  rcov (>= 0.9.8)
  rspec (>= 2.0.1)
  sqlite3-ruby (>= 1.3.1)
  treetop (>= 1.4.8)
